GIT
  remote: https://github.com/stefansundin/prometheus-client.git
  revision: 5256cdfb78d5bfec1b8fbb78dcc1a2eee6c8989f
  branch: add-most_recent-aggregation
  specs:
    prometheus-client (1.0.0)

GEM
  remote: https://rubygems.org/
  specs:
    addressable (2.7.0)
      public_suffix (>= 2.0.2, < 5.0)
    airbrake (9.5.5)
      airbrake-ruby (~> 4.8)
    airbrake-ruby (4.11.1)
      rbtree3 (~> 0.5)
    backports (3.15.0)
    better_errors (2.5.1)
      coderay (>= 1.0.0)
      erubi (>= 1.0.0)
      rack (>= 0.9.0)
    binding_of_caller (0.8.0)
      debug_inspector (>= 0.0.1)
    clogger (2.2.0)
      rack (>= 1.0, < 3.0)
    coderay (1.1.2)
    debug_inspector (0.0.3)
    dotenv (2.7.5)
    encrypted_strings (0.3.3)
    erubi (1.9.0)
    github-release-party (0.3.4)
      rake (>= 12)
    method_source (0.9.2)
    multi_json (1.14.1)
    mustermann (1.0.3)
    newrelic_rpm (6.7.0.359)
    nio4r (2.5.2)
    powder (0.4.0)
      thor (>= 0.11.5)
    pry (0.12.2)
      coderay (~> 1.1.0)
      method_source (~> 0.9.0)
    pry-remote (0.1.8)
      pry (~> 0.9)
      slop (~> 3.0)
    public_suffix (4.0.1)
    puma (4.3.1)
      nio4r (~> 2.0)
    rack (2.0.8)
    rack-protection (2.0.7)
      rack
    rack-ssl-enforcer (0.2.9)
    rake (13.0.1)
    rbtree3 (0.5.0)
    sinatra (2.0.7)
      mustermann (~> 1.0)
      rack (~> 2.0)
      rack-protection (= 2.0.7)
      tilt (~> 2.0)
    sinatra-contrib (2.0.7)
      backports (>= 2.8.2)
      multi_json
      mustermann (~> 1.0)
      rack-protection (= 2.0.7)
      sinatra (= 2.0.7)
      tilt (~> 2.0)
    slop (3.6.0)
    thor (1.0.1)
    tilt (2.0.10)

PLATFORMS
  ruby

DEPENDENCIES
  addressable
  airbrake
  better_errors
  binding_of_caller
  clogger
  dotenv
  encrypted_strings
  github-release-party
  newrelic_rpm
  powder
  prometheus-client!
  pry-remote
  puma
  rack
  rack-ssl-enforcer
  rake
  sinatra
  sinatra-contrib

RUBY VERSION
   ruby 2.6.5p114

BUNDLED WITH
   1.17.2
