GIT
  remote: https://github.com/stefansundin/prometheus-client.git
  revision: fc179858e6e00a13a649dbdaa5b7de67fa68b1a5
  branch: master
  specs:
    prometheus-client (2.0.0)

GEM
  remote: https://rubygems.org/
  specs:
    addressable (2.7.0)
      public_suffix (>= 2.0.2, < 5.0)
    airbrake (11.0.1)
      airbrake-ruby (~> 5.1)
    airbrake-ruby (5.2.0)
      rbtree3 (~> 0.5)
    better_errors (2.9.1)
      coderay (>= 1.0.0)
      erubi (>= 1.0.0)
      rack (>= 0.9.0)
    binding_of_caller (1.0.0)
      debug_inspector (>= 0.0.1)
    clogger (2.3.0)
      rack (>= 1.0, < 3.0)
    coderay (1.1.3)
    debug_inspector (1.1.0)
    dotenv (2.7.6)
    encrypted_strings (0.3.3)
    erubi (1.10.0)
    github-release-party (0.3.6)
      rake (>= 12)
    io-console (0.5.9)
    irb (1.3.5)
      reline (>= 0.1.5)
    method_source (1.0.0)
    multi_json (1.15.0)
    mustermann (1.1.1)
      ruby2_keywords (~> 0.0.1)
    newrelic_rpm (7.0.0)
    nio4r (2.5.7)
    powder (0.4.0)
      thor (>= 0.11.5)
    pry (0.14.1)
      coderay (~> 1.1)
      method_source (~> 1.0)
    pry-remote (0.1.8)
      pry (~> 0.9)
      slop (~> 3.0)
    public_suffix (4.0.6)
    puma (5.3.1)
      nio4r (~> 2.0)
    rack (2.2.3)
    rack-protection (2.1.0)
      rack
    rack-ssl-enforcer (0.2.9)
    rake (13.0.3)
    rbtree3 (0.6.0)
    reline (0.2.5)
      io-console (~> 0.5)
    ruby2_keywords (0.0.4)
    sinatra (2.1.0)
      mustermann (~> 1.0)
      rack (~> 2.2)
      rack-protection (= 2.1.0)
      tilt (~> 2.0)
    sinatra-contrib (2.1.0)
      multi_json
      mustermann (~> 1.0)
      rack-protection (= 2.1.0)
      sinatra (= 2.1.0)
      tilt (~> 2.0)
    slop (3.6.0)
    thor (1.1.0)
    tilt (2.0.10)

PLATFORMS
  ruby

DEPENDENCIES
  addressable
  airbrake
  better_errors
  binding_of_caller
  clogger
  dotenv
  encrypted_strings
  github-release-party
  irb
  newrelic_rpm
  powder
  prometheus-client!
  pry-remote
  puma
  rack
  rack-ssl-enforcer
  rake
  sinatra
  sinatra-contrib

RUBY VERSION
   ruby 3.0.1p64

BUNDLED WITH
   2.2.15
