GEM
  remote: https://rubygems.org/
  specs:
    addressable (2.5.2)
      public_suffix (>= 2.0.2, < 4.0)
    airbrake (7.4.0)
      airbrake-ruby (~> 2.12)
    airbrake-ruby (2.12.0)
    backports (3.11.4)
    better_errors (2.5.0)
      coderay (>= 1.0.0)
      erubi (>= 1.0.0)
      rack (>= 0.9.0)
    binding_of_caller (0.8.0)
      debug_inspector (>= 0.0.1)
    clogger (2.2.0)
      rack (>= 1.0, < 3.0)
    coderay (1.1.2)
    debug_inspector (0.0.3)
    dotenv (2.5.0)
    encrypted_strings (0.3.3)
    erubi (1.8.0)
    github-release-party (0.3.1)
      addressable (~> 2)
      rake (~> 12)
    method_source (0.9.2)
    multi_json (1.13.1)
    mustermann (1.0.3)
    newrelic_rpm (5.6.0.349)
    powder (0.4.0)
      thor (>= 0.11.5)
    prometheus-client (0.8.0)
      quantile (~> 0.2.1)
    pry (0.12.2)
      coderay (~> 1.1.0)
      method_source (~> 0.9.0)
    pry-remote (0.1.8)
      pry (~> 0.9)
      slop (~> 3.0)
    public_suffix (3.0.3)
    puma (3.12.0)
    quantile (0.2.1)
    rack (2.0.6)
    rack-protection (2.0.5)
      rack
    rack-ssl-enforcer (0.2.9)
    rake (12.3.2)
    sinatra (2.0.5)
      mustermann (~> 1.0)
      rack (~> 2.0)
      rack-protection (= 2.0.5)
      tilt (~> 2.0)
    sinatra-contrib (2.0.5)
      backports (>= 2.8.2)
      multi_json
      mustermann (~> 1.0)
      rack-protection (= 2.0.5)
      sinatra (= 2.0.5)
      tilt (>= 1.3, < 3)
    slop (3.6.0)
    thor (0.20.3)
    tilt (2.0.9)

PLATFORMS
  ruby

DEPENDENCIES
  addressable
  airbrake
  better_errors
  binding_of_caller
  clogger
  dotenv
  encrypted_strings
  github-release-party
  newrelic_rpm
  powder
  prometheus-client
  pry-remote
  puma
  rack
  rack-ssl-enforcer
  rake
  sinatra
  sinatra-contrib

RUBY VERSION
   ruby 2.6.0p0

BUNDLED WITH
   1.17.3
