GEM
  remote: https://rubygems.org/
  specs:
    addressable (2.5.2)
      public_suffix (>= 2.0.2, < 4.0)
    airbrake (7.2.1)
      airbrake-ruby (~> 2.5)
    airbrake-ruby (2.8.3)
    backports (3.11.1)
    better_errors (2.4.0)
      coderay (>= 1.0.0)
      erubi (>= 1.0.0)
      rack (>= 0.9.0)
    binding_of_caller (0.8.0)
      debug_inspector (>= 0.0.1)
    clogger (2.2.0)
      rack (>= 1.0, < 3.0)
    coderay (1.1.2)
    debug_inspector (0.0.3)
    dotenv (2.2.1)
    encrypted_strings (0.3.3)
    erubi (1.7.1)
    github-release-party (0.2.3)
      addressable (~> 2)
      rake (~> 12)
    method_source (0.9.0)
    multi_json (1.13.1)
    mustermann (1.0.2)
    newrelic_rpm (4.8.0.341)
    powder (0.4.0)
      thor (>= 0.11.5)
    pry (0.11.3)
      coderay (~> 1.1.0)
      method_source (~> 0.9.0)
    pry-remote (0.1.8)
      pry (~> 0.9)
      slop (~> 3.0)
    public_suffix (3.0.2)
    puma (3.11.3)
    rack (2.0.4)
    rack-protection (2.0.1)
      rack
    rack-ssl-enforcer (0.2.9)
    rake (12.3.1)
    sinatra (2.0.1)
      mustermann (~> 1.0)
      rack (~> 2.0)
      rack-protection (= 2.0.1)
      tilt (~> 2.0)
    sinatra-contrib (2.0.1)
      backports (>= 2.0)
      multi_json
      mustermann (~> 1.0)
      rack-protection (= 2.0.1)
      sinatra (= 2.0.1)
      tilt (>= 1.3, < 3)
    sinatra-reloader (1.0)
      sinatra-contrib
    slop (3.6.0)
    thor (0.20.0)
    tilt (2.0.8)

PLATFORMS
  ruby

DEPENDENCIES
  addressable
  airbrake
  better_errors
  binding_of_caller
  clogger
  dotenv
  encrypted_strings
  github-release-party
  newrelic_rpm
  powder
  pry-remote
  puma
  rack
  rack-ssl-enforcer
  rake
  sinatra
  sinatra-reloader

RUBY VERSION
   ruby 2.5.0p0

BUNDLED WITH
   1.16.1
