GEM
  remote: https://rubygems.org/
  specs:
    airbrake (6.0.0)
      airbrake-ruby (~> 2.0)
    airbrake-ruby (2.0.0)
    backports (3.6.8)
    better_errors (2.1.1)
      coderay (>= 1.0.0)
      erubis (>= 2.6.6)
      rack (>= 0.9.0)
    binding_of_caller (0.7.2)
      debug_inspector (>= 0.0.1)
    clogger (2.1.0)
      rack (>= 1.0, < 3.0)
    coderay (1.1.1)
    debug_inspector (0.0.2)
    dotenv (2.2.0)
    encrypted_strings (0.3.3)
    erubis (2.7.0)
    github-release-party (0.1.1)
      httparty (~> 0.13)
    heroku-env (0.1.4)
    httparty (0.14.0)
      multi_xml (>= 0.5.2)
    kgio (2.11.0)
    method_source (0.8.2)
    multi_json (1.12.1)
    multi_xml (0.6.0)
    newrelic_rpm (4.0.0.332)
    powder (0.3.0)
      thor (>= 0.11.5)
    pry (0.10.4)
      coderay (~> 1.1.0)
      method_source (~> 0.8.1)
      slop (~> 3.4)
    pry-remote (0.1.8)
      pry (~> 0.9)
      slop (~> 3.0)
    rack (1.6.5)
    rack-protection (1.5.3)
      rack
    rack-ssl-enforcer (0.2.9)
    rack-test (0.6.3)
      rack (>= 1.0)
    raindrops (0.18.0)
    rake (12.0.0)
    redis (3.3.3)
    sinatra (1.4.8)
      rack (~> 1.5)
      rack-protection (~> 1.4)
      tilt (>= 1.3, < 3)
    sinatra-contrib (1.4.7)
      backports (>= 2.0)
      multi_json
      rack-protection
      rack-test
      sinatra (~> 1.4.0)
      tilt (>= 1.3, < 3)
    sinatra-reloader (1.0)
      sinatra-contrib
    slop (3.6.0)
    thor (0.19.4)
    tilt (2.0.7)
    unicorn (5.2.0)
      kgio (~> 2.6)
      raindrops (~> 0.7)

PLATFORMS
  ruby

DEPENDENCIES
  airbrake
  better_errors
  binding_of_caller
  clogger
  dotenv
  encrypted_strings
  github-release-party
  heroku-env
  httparty
  newrelic_rpm
  powder
  pry-remote
  rack
  rack-ssl-enforcer
  rake
  redis
  sinatra
  sinatra-reloader
  unicorn

RUBY VERSION
   ruby 2.4.1p111

BUNDLED WITH
   1.14.6
